GEM
  remote: https://rubygems.org/
  specs:
    dotenv (2.1.1)
    httparty (0.15.5)
      multi_xml (>= 0.5.2)
    multi_xml (0.6.0)
    rubyzip (1.2.1)

PLATFORMS
  ruby

DEPENDENCIES
  dotenv
  httparty
  rubyzip

BUNDLED WITH
   1.13.7
